PATH
  remote: .
  specs:
    gooddata (0.3.0)
      fastercsv
      gooddata
      json
      json_pure
      parseconfig
      rest-client
      rubyzip

GEM
  remote: http://rubygems.org/
  specs:
    fastercsv (1.5.4)
    json (1.5.3)
    json_pure (1.5.3)
    mime-types (1.16)
    parseconfig (0.5.2)
    rest-client (1.6.7)
      mime-types (>= 1.16)
    rubyzip (0.9.4)
    thoughtbot-shoulda (2.11.1)

PLATFORMS
  ruby

DEPENDENCIES
  gooddata!
  thoughtbot-shoulda
